GEM
  remote: https://rubygems.org/
  specs:
    browserstack-local (1.3.0)
    childprocess (2.0.0)
      rake (< 13.0)
    diff-lcs (1.3)
    dotenv (2.7.5)
    parallel (1.17.0)
    rake (12.3.3)
    rspec (3.4.0)
      rspec-core (~> 3.4.0)
      rspec-expectations (~> 3.4.0)
      rspec-mocks (~> 3.4.0)
    rspec-core (3.4.4)
      rspec-support (~> 3.4.0)
    rspec-expectations (3.4.0)
      diff-lcs (>= 1.2.0, < 2.0)
      rspec-support (~> 3.4.0)
    rspec-mocks (3.4.1)
      diff-lcs (>= 1.2.0, < 2.0)
      rspec-support (~> 3.4.0)
    rspec-support (3.4.1)
    rubyzip (1.2.4)
    selenium-webdriver (3.142.4)
      childprocess (>= 0.5, < 3.0)
      rubyzip (~> 1.2, >= 1.2.2)

PLATFORMS
  ruby

DEPENDENCIES
  browserstack-local
  dotenv
  parallel
  rake
  rspec
  rspec-core (~> 3.4.4)
  selenium-webdriver

BUNDLED WITH
   1.17.3
